PATH
  remote: .
  specs:
    roger_yuicompressor (1.0.1)
      roger (>= 0.11.0)
      yui-compressor

GEM
  remote: https://rubygems.org/
  specs:
    hpricot (0.8.6)
    mime-types (2.3)
    rack (1.5.2)
    rake (10.3.2)
    redcarpet (3.1.2)
    roger (0.12.2)
      hpricot (>= 0.6.4)
      mime-types (~> 2.2)
      rack (>= 1.0.0)
      redcarpet (>= 3.1.1)
      thor (~> 0.16.0)
      tilt (~> 2.0.1)
    thor (0.16.0)
    tilt (2.0.1)
    yui-compressor (0.12.0)

PLATFORMS
  ruby

DEPENDENCIES
  rake
  roger_yuicompressor!
